GEM
  remote: http://rubygems.org/
  specs:
    activesupport (3.2.3)
      i18n (~> 0.6)
      multi_json (~> 1.0)
    diff-lcs (1.1.3)
    geocoder (1.1.1)
    git (1.2.5)
    graticule (2.2.0)
      activesupport
      happymapper (>= 0.3.0)
      i18n
      json
    happymapper (0.4.0)
      libxml-ruby (~> 2.0)
    i18n (0.6.0)
    jeweler (1.8.3)
      bundler (~> 1.0)
      git (>= 1.2.5)
      rake
      rdoc
    json (1.6.6)
    libxml-ruby (2.3.2)
    multi_json (1.2.0)
    rake (0.9.2.2)
    rdoc (3.12)
      json (~> 1.4)
    rspec (2.8.0)
      rspec-core (~> 2.8.0)
      rspec-expectations (~> 2.8.0)
      rspec-mocks (~> 2.8.0)
    rspec-core (2.8.0)
    rspec-expectations (2.8.0)
      diff-lcs (~> 1.1.2)
    rspec-mocks (2.8.0)
    simplecov (0.6.1)
      multi_json (~> 1.0)
      simplecov-html (~> 0.5.3)
    simplecov-html (0.5.3)

PLATFORMS
  ruby

DEPENDENCIES
  bundler (>= 1.1.0)
  geocoder
  graticule
  jeweler (~> 1.8.3)
  rdoc (~> 3.12)
  rspec (~> 2.8.0)
  simplecov (>= 0.5)
